GEM
  remote: https://rubygems.org/
  specs:
    kramdown (2.5.1)
      rexml (>= 3.3.9)
    rake (13.2.1)
    rexml (3.4.1)
    zeitwerk (2.7.2)

PLATFORMS
  arm64-darwin-24
  ruby

DEPENDENCIES
  kramdown
  rake
  zeitwerk

BUNDLED WITH
   2.6.5
